RESTRICTION: == net461
NUGET
  remote: https://www.nuget.org/api/v2
    FAKE.Lib (5.16)
    FParsec (1.1.1)
      FSharp.Core (>= 4.3.4)
      System.ValueTuple (>= 4.4)
    FSharp.Core (6.0)
    System.Drawing.Common (5.0.2)
    System.ValueTuple (4.5)
