RESTRICTION: == net461
NUGET
  remote: https://www.nuget.org/api/v2
    FAKE.Lib (5.8.4)
    FSharp.Core (4.5.4)
    System.Drawing.Common (4.5.1)
